GEM
  remote: https://rubygems.org/
  specs:
    bigdecimal (3.1.8)
    csv (3.3.0)
    httparty (0.22.0)
      csv
      mini_mime (>= 1.0.0)
      multi_xml (>= 0.5.2)
    json (2.7.4)
    mini_mime (1.1.5)
    multi_xml (0.7.1)
      bigdecimal (~> 3.1)
    optparse (0.5.0)

PLATFORMS
  arm64-darwin-23
  ruby

DEPENDENCIES
  csv
  httparty
  json
  optparse

BUNDLED WITH
   2.5.20
